GEM
  remote: https://rubygems.org/
  specs:
    rack (1.6.11)
    rack-protection (1.5.5)
      rack
    rake (11.3.0)
    sinatra (1.4.8)
      rack (~> 1.5)
      rack-protection (~> 1.4)
      tilt (>= 1.3, < 3)
    tilt (2.0.10)

PLATFORMS
  ruby

DEPENDENCIES
  rake (~> 11.2, >= 11.2.2)
  sinatra (~> 1.4, >= 1.4.7)

BUNDLED WITH
   2.0.1
