GEM
  remote: https://rubygems.org/
  specs:
    nio4r (2.5.2)
    puma (4.3.1)
      nio4r (~> 2.0)
    rack (1.6.12)
    rack-protection (1.5.5)
      rack
    rake (12.3.3)
    sinatra (1.4.8)
      rack (~> 1.5)
      rack-protection (~> 1.4)
      tilt (>= 1.3, < 3)
    tilt (2.0.10)

PLATFORMS
  ruby

DEPENDENCIES
  puma
  rake (~> 12.3)
  sinatra (~> 1.4, >= 1.4.7)

RUBY VERSION
   ruby 2.6.5p114

BUNDLED WITH
   2.0.2
